GIT
  remote: https://github.com/NeutrinoAPI/NeutrinoAPI-Ruby.git
  revision: b2d0648773bc852d75ab41c321b55695b690e131
  specs:
    neutrino_api (3.4.5)
      certifi (~> 2016)
      faraday (~> 0.10)
      faraday-http-cache (~> 1.2, >= 1.2.2)
      faraday_middleware (~> 0.13.1)
      logging (~> 2.0)
      test-unit (~> 3.1, >= 3.1.5)

GIT
  remote: https://github.com/intrigueio/chrome_remote.git
  revision: 752ae5882605f638ee2f797cfd289fc01f3f78cf
  specs:
    chrome_remote (0.2.0)
      socketry
      websocket-driver (~> 0.7)

GIT
  remote: https://github.com/intrigueio/cloudflare.git
  revision: be12151e164f2e636560f7947cdbc601ab003ce6
  specs:
    cloudflare (4.2.0)
      async-rest (~> 0.10.0)

GIT
  remote: https://github.com/intrigueio/dnsbl-client.git
  revision: d88bb5eae3dfd03c418f67ae5767234a862a92b8
  specs:
    dnsbl-client (1.0.4)

GIT
  remote: https://github.com/intrigueio/intrigue-ident.git
  revision: a55ed7d477f0aae79e255a72c5416ab4b383d055
  branch: main
  specs:
    intrigue-ident (3.1.4)
      dnsruby
      murmurhash3
      recog-intrigue
      snmp
      socketry
      typhoeus

GIT
  remote: https://github.com/intrigueio/ip_ranger
  revision: e1e4080070cf699cd0b80c5c8d6d5dddfc19d4b8
  specs:
    ip_ranger (0.0.2)

GIT
  remote: https://github.com/intrigueio/maxminddb
  revision: 1a48218c7577bc137bd7736e62a28e2d7d92b39c
  specs:
    maxminddb (0.1.22)

GIT
  remote: https://github.com/intrigueio/rex-sslscan.git
  revision: a52c53ec09bd70cdd025b49c16dfeafe9fd3be5a
  specs:
    rex-sslscan (0.1.6)
      rex-core
      rex-socket
      rex-text

GIT
  remote: https://github.com/intrigueio/ruby-snmp.git
  revision: e41bb0e04b1fe9be4e02d261012ef52c3db217b6
  specs:
    snmp (1.2.0)

GIT
  remote: https://github.com/intrigueio/spidr.git
  revision: e62f9bb0a3bd8f2604b2f4b4d97115aedd0b134b
  specs:
    spidr (0.6.1)
      nokogiri (~> 1.3)

GIT
  remote: https://github.com/pentestify/censys.git
  revision: a2b7243565870cce8283d01c85e9b92e9f4d8ddd
  specs:
    censys (0.2.2)
      rest-client (~> 2.0)

GIT
  remote: https://github.com/pentestify/opencorporates.git
  revision: d4a1c950665c81c815f263fa3240018fada83d39
  specs:
    opencorporates (0.0.1)

GIT
  remote: https://github.com/pentestify/ruby-nmap.git
  revision: ce5075972c2708901ab2a962a4cca5f6c9a99b54
  specs:
    ruby-nmap (0.9.0)
      nokogiri (~> 1.3)
      rprogram (~> 0.3)

GIT
  remote: https://github.com/pentestify/whoisology.git
  revision: e143ac84c6b1baf72ea7cb8a3d8bdfb260f96e36
  specs:
    whoisology (0.1.0)

PATH
  remote: api_client
  specs:
    intrigue_api_client (1.6.0)
      json
      rest-client

GEM
  remote: https://rubygems.org/
  specs:
    activesupport (6.0.3.4)
      concurrent-ruby (~> 1.0, >= 1.0.2)
      i18n (>= 0.7, < 2)
      minitest (~> 5.1)
      tzinfo (~> 1.1)
      zeitwerk (~> 2.2, >= 2.2.2)
    addressable (2.7.0)
      public_suffix (>= 2.0.2, < 5.0)
    async (1.26.2)
      console (~> 1.0)
      nio4r (~> 2.3)
      timers (~> 4.1)
    async-http (0.52.5)
      async (~> 1.25)
      async-io (~> 1.28)
      async-pool (~> 0.2)
      protocol-http (~> 0.20.0)
      protocol-http1 (~> 0.13.0)
      protocol-http2 (~> 0.14.0)
    async-io (1.30.1)
      async (~> 1.14)
    async-pool (0.3.2)
      async (~> 1.25)
    async-rest (0.10.1)
      async-http (~> 0.42)
      protocol-http (~> 0.7)
    aws-eventstream (1.1.0)
    aws-partitions (1.388.0)
    aws-sdk-core (3.109.1)
      aws-eventstream (~> 1, >= 1.0.2)
      aws-partitions (~> 1, >= 1.239.0)
      aws-sigv4 (~> 1.1)
      jmespath (~> 1.0)
    aws-sdk-kms (1.39.0)
      aws-sdk-core (~> 3, >= 3.109.0)
      aws-sigv4 (~> 1.1)
    aws-sdk-route53 (1.44.0)
      aws-sdk-core (~> 3, >= 3.109.0)
      aws-sigv4 (~> 1.1)
    aws-sdk-s3 (1.83.1)
      aws-sdk-core (~> 3, >= 3.109.0)
      aws-sdk-kms (~> 1)
      aws-sigv4 (~> 1.1)
    aws-sdk-sqs (1.34.0)
      aws-sdk-core (~> 3, >= 3.109.0)
      aws-sigv4 (~> 1.1)
    aws-sigv4 (1.2.2)
      aws-eventstream (~> 1, >= 1.0.2)
    blockenspiel (0.5.0)
    builder (3.2.4)
    byebug (11.1.3)
    certifi (2016.09.26)
    coderay (1.1.3)
    command_lion (2.0.1)
    compare-xml (0.66)
      nokogiri (~> 1.8)
    concurrent-ruby (1.1.7)
    connection_pool (2.2.3)
    console (1.10.1)
      fiber-local
    couchrest (2.0.1)
      httpclient (~> 2.8)
      mime-types (>= 1.15)
      multi_json (~> 1.7)
    declarative (0.0.20)
    declarative-option (0.1.0)
    diff-lcs (1.4.4)
    digest-crc (0.6.1)
      rake (~> 13.0)
    dnsimple (5.2.0)
      httparty
    dnsruby (1.61.5)
      simpleidn (~> 0.1)
    domain_name (0.5.20190701)
      unf (>= 0.0.5, < 1.0.0)
    elasticsearch (7.5.0)
      elasticsearch-api (= 7.5.0)
      elasticsearch-transport (= 7.5.0)
    elasticsearch-api (7.5.0)
      multi_json
    elasticsearch-transport (7.5.0)
      faraday (>= 0.14, < 1)
      multi_json
    em-resolv-replace (1.1.3)
    ethon (0.12.0)
      ffi (>= 1.3.0)
    eventmachine (1.2.7)
    excon (0.78.0)
    faraday (0.17.3)
      multipart-post (>= 1.2, < 3)
    faraday-http-cache (1.3.1)
      faraday (~> 0.8)
    faraday_middleware (0.13.1)
      faraday (>= 0.7.4, < 1.0)
    faraday_middleware-aws-sigv4 (0.4.0)
      aws-sigv4 (~> 1.0)
      faraday (>= 0.15)
    ffi (1.13.1)
    fiber-local (1.0.0)
    filesize (0.2.0)
    flareon (1.0.5)
      command_lion (= 2.0.1)
      httparty (~> 0.16.2)
      parallel (~> 1.12.1)
    fog-aws (3.6.7)
      fog-core (~> 2.1)
      fog-json (~> 1.1)
      fog-xml (~> 0.1)
      ipaddress (~> 0.8)
    fog-core (2.2.3)
      builder
      excon (~> 0.71)
      formatador (~> 0.2)
      mime-types
    fog-json (1.2.0)
      fog-core
      multi_json (~> 1.10)
    fog-xml (0.1.3)
      fog-core
      nokogiri (>= 1.5.11, < 2.0.0)
    foreman (0.87.2)
    formatador (0.2.5)
    god (0.13.7)
    google-api-client (0.47.0)
      addressable (~> 2.5, >= 2.5.1)
      googleauth (~> 0.9)
      httpclient (>= 2.8.1, < 3.0)
      mini_mime (~> 1.0)
      representable (~> 3.0)
      retriable (>= 2.0, < 4.0)
      rexml
      signet (~> 0.12)
    google-cloud-core (1.5.0)
      google-cloud-env (~> 1.0)
      google-cloud-errors (~> 1.0)
    google-cloud-env (1.4.0)
      faraday (>= 0.17.3, < 2.0)
    google-cloud-errors (1.0.1)
    google-cloud-storage (1.29.1)
      addressable (~> 2.5)
      digest-crc (~> 0.4)
      google-api-client (~> 0.33)
      google-cloud-core (~> 1.2)
      googleauth (~> 0.9)
      mini_mime (~> 1.0)
    googleajax (1.0.1)
      json (>= 1.0.0)
    googleauth (0.14.0)
      faraday (>= 0.17.3, < 2.0)
      jwt (>= 1.4, < 3.0)
      memoist (~> 0.16)
      multi_json (~> 1.11)
      os (>= 0.9, < 2.0)
      signet (~> 0.14)
    hitimes (1.3.1)
    http-2 (0.10.2)
    http-accept (1.7.0)
    http-cookie (1.0.3)
      domain_name (~> 0.5)
    httparty (0.16.4)
      mime-types (~> 3.0)
      multi_xml (>= 0.5.2)
    httpclient (2.8.3)
    i18n (1.8.5)
      concurrent-ruby (~> 1.0)
    iconv (1.0.8)
    ipaddr (1.2.2)
    ipaddress (0.8.3)
    jmespath (1.4.0)
    jsobfu (0.4.2)
      rkelly-remix
    json (2.3.1)
    jwt (2.2.2)
    little-plugger (1.1.4)
    logging (2.3.0)
      little-plugger (~> 1.1)
      multi_json (~> 1.14)
    memoist (0.16.2)
    metasm (1.0.4)
    method_source (1.0.0)
    mime-types (3.3.1)
      mime-types-data (~> 3.2015)
    mime-types-data (3.2020.0512)
    mini_mime (1.0.2)
    mini_portile2 (2.4.0)
    minitest (5.14.2)
    multi_json (1.15.0)
    multi_xml (0.6.0)
    multipart-post (2.1.1)
    murmurhash3 (0.1.6)
    mustermann (1.1.1)
      ruby2_keywords (~> 0.0.1)
    net-dns (0.9.0)
    net-http2 (0.18.3)
      http-2 (~> 0.10.1)
    netrc (0.11.0)
    nio4r (2.5.4)
    nokogiri (1.10.10)
      mini_portile2 (~> 2.4.0)
    open3 (0.1.0)
    os (1.1.1)
    parallel (1.12.1)
    pg (1.2.3)
    power_assert (1.2.0)
    protocol-hpack (1.4.2)
    protocol-http (0.20.1)
    protocol-http1 (0.13.1)
      protocol-http (~> 0.19)
    protocol-http2 (0.14.1)
      protocol-hpack (~> 1.4)
      protocol-http (~> 0.18)
    pry (0.13.1)
      coderay (~> 1.1)
      method_source (~> 1.0)
    pry-byebug (3.9.0)
      byebug (~> 11.0)
      pry (~> 0.13.0)
    public_suffix (4.0.6)
    puma (5.0.4)
      nio4r (~> 2.0)
    rack (2.2.3)
    rack-cors (1.1.1)
      rack (>= 2.0.0)
    rack-protection (2.1.0)
      rack
    rack-test (1.1.0)
      rack (>= 1.0, < 3)
    rake (13.0.1)
    rb-readline (0.5.5)
    recog-intrigue (2.3.14)
      nokogiri
    redis (4.2.2)
    redis-namespace (1.8.0)
      redis (>= 3.0.4)
    representable (3.0.4)
      declarative (< 0.1.0)
      declarative-option (< 0.2.0)
      uber (< 0.2.0)
    rest-client (2.1.0)
      http-accept (>= 1.7.0, < 2.0)
      http-cookie (>= 1.0.2, < 2.0)
      mime-types (>= 1.16, < 4.0)
      netrc (~> 0.8)
    retriable (3.1.2)
    rex (2.0.13)
      filesize (~> 0)
      jsobfu (~> 0)
      json (~> 2)
      metasm (~> 1)
      nokogiri (~> 1)
      rb-readline (~> 0)
    rex-core (0.1.13)
    rex-socket (0.1.24)
      rex-core
    rex-text (0.2.28)
    rexml (3.2.4)
    rkelly-remix (0.0.7)
    rprogram (0.3.2)
    rspec (3.10.0)
      rspec-core (~> 3.10.0)
      rspec-expectations (~> 3.10.0)
      rspec-mocks (~> 3.10.0)
    rspec-core (3.10.0)
      rspec-support (~> 3.10.0)
    rspec-expectations (3.10.0)
      diff-lcs (>= 1.2.0, < 2.0)
      rspec-support (~> 3.10.0)
    rspec-mocks (3.10.0)
      diff-lcs (>= 1.2.0, < 2.0)
      rspec-support (~> 3.10.0)
    rspec-support (3.10.0)
    ruby2_keywords (0.0.2)
    rubyzip (2.3.0)
    sentry-raven (2.13.0)
      faraday (>= 0.7.6, < 1.0)
    sequel (5.38.0)
    shodan (1.0.0)
      json (>= 1.4.6)
    sidekiq (6.1.2)
      connection_pool (>= 2.2.2)
      rack (~> 2.0)
      redis (>= 4.2.0)
    sidekiq-failures (1.0.0)
      sidekiq (>= 4.0.0)
    sidekiq-limit_fetch (3.4.0)
      sidekiq (>= 4)
    signet (0.14.0)
      addressable (~> 2.3)
      faraday (>= 0.17.3, < 2.0)
      jwt (>= 1.5, < 3.0)
      multi_json (~> 1.10)
    simpleidn (0.1.1)
      unf (~> 0.1.4)
    sinatra (2.1.0)
      mustermann (~> 1.0)
      rack (~> 2.2)
      rack-protection (= 2.1.0)
      tilt (~> 2.0)
    sinatra-contrib (2.1.0)
      multi_json
      mustermann (~> 1.0)
      rack-protection (= 2.1.0)
      sinatra (= 2.1.0)
      tilt (~> 2.0)
    socketry (0.5.1)
      hitimes (~> 1.2)
    sqlite3 (1.4.2)
    test-unit (3.3.6)
      power_assert
    thor (1.0.1)
    thread_safe (0.3.6)
    tilt (2.0.10)
    timers (4.3.2)
    towerdata_api (1.3.1)
    typhoeus (1.4.0)
      ethon (>= 0.9.0)
    tzinfo (1.2.7)
      thread_safe (~> 0.1)
    uber (0.1.0)
    unf (0.1.4)
      unf_ext
    unf_ext (0.0.7.7)
    versionomy (0.5.0)
      blockenspiel (~> 0.5)
    websocket-driver (0.7.3)
      websocket-extensions (>= 0.1.0)
    websocket-extensions (0.1.5)
    whois (5.0.1)
    whois-parser (1.2.0)
      activesupport (>= 4)
      whois (>= 4.0.7)
    yajl-ruby (1.4.1)
    yard (0.9.25)
    zeitwerk (2.4.1)

PLATFORMS
  ruby

DEPENDENCIES
  aws-sdk-route53
  aws-sdk-s3
  aws-sdk-sqs
  censys!
  chrome_remote!
  cloudflare!
  compare-xml
  couchrest
  dnsbl-client!
  dnsimple
  dnsruby
  elasticsearch
  em-resolv-replace
  eventmachine
  faraday_middleware-aws-sigv4
  flareon
  fog-aws
  foreman
  god
  google-api-client
  google-cloud-storage
  googleajax
  googleauth
  iconv
  intrigue-ident!
  intrigue_api_client!
  ip_ranger!
  ipaddr
  json (>= 2.3.0)
  maxminddb!
  net-dns
  net-http2
  neutrino_api!
  nokogiri
  open3
  opencorporates!
  pg
  pry
  pry-byebug
  puma
  rack-cors
  rack-protection
  rack-test
  rake
  redis
  redis-namespace
  rest-client
  rex
  rex-sslscan!
  rspec
  ruby-nmap!
  rubyzip
  sentry-raven
  sequel
  shodan
  sidekiq
  sidekiq-failures
  sidekiq-limit_fetch
  sinatra
  sinatra-contrib
  snmp!
  spidr!
  sqlite3
  thor
  towerdata_api
  typhoeus
  versionomy
  whois
  whois-parser
  whoisology!
  yajl-ruby
  yard

RUBY VERSION
   ruby 2.6.5p114

BUNDLED WITH
   2.1.4
